GEM
  remote: https://rubygems.org/
  specs:
    activesupport (4.0.2)
      i18n (~> 0.6, >= 0.6.4)
      minitest (~> 4.2)
      multi_json (~> 1.3)
      thread_safe (~> 0.1)
      tzinfo (~> 0.3.37)
    addressable (2.3.5)
    anise (0.7.0)
    atomic (1.1.14)
    chronic (0.10.2)
    daemons (1.1.9)
    data_objects (0.10.13)
      addressable (~> 2.1)
    dm-ar-finders (1.0.2)
      dm-core (~> 1.0.2)
    dm-core (1.0.2)
      addressable (~> 2.2)
      extlib (~> 0.9.15)
    dm-do-adapter (1.0.2)
      data_objects (~> 0.10.2)
      dm-core (~> 1.0.2)
    dm-migrations (1.0.2)
      dm-core (~> 1.0.2)
    dm-sqlite-adapter (1.0.2)
      dm-do-adapter (~> 1.0.2)
      do_sqlite3 (~> 0.10.2)
    dm-timestamps (1.0.2)
      dm-core (~> 1.0.2)
    dm-validations (1.0.2)
      dm-core (~> 1.0.2)
    do_sqlite3 (0.10.13)
      data_objects (= 0.10.13)
    extlib (0.9.16)
    facets (2.9.3)
    i18n (0.6.9)
    minitest (4.7.5)
    multi_json (1.8.2)
    rake (10.1.0)
    redcarpet (3.0.0)
    thread_safe (0.1.3)
      atomic
    tzinfo (0.3.38)
    yard (0.8.7.3)

PLATFORMS
  ruby

DEPENDENCIES
  activesupport
  anise
  chronic
  daemons
  dm-ar-finders
  dm-core (< 1.1.0)
  dm-migrations (< 1.1.0)
  dm-sqlite-adapter (< 1.1.0)
  dm-timestamps
  dm-validations
  facets
  i18n
  rake
  redcarpet
  yard
